GEM
  remote: https://rubygems.org/
  specs:
    json (2.0.2)
    puma (3.6.0)
    rack (1.6.4)
    rack-protection (1.5.3)
      rack
    redis (3.3.1)
    sinatra (1.4.7)
      rack (~> 1.5)
      rack-protection (~> 1.4)
      tilt (>= 1.3, < 3)
    tilt (2.0.5)

PLATFORMS
  ruby

DEPENDENCIES
  json
  puma
  redis
  sinatra

RUBY VERSION
   ruby 2.2.4p230

BUNDLED WITH
   1.12.5
